GEM
  remote: https://rubygems.org/
  specs:
    activesupport (3.2.6)
      i18n (~> 0.6)
      multi_json (~> 1.0)
    commander (4.1.2)
      highline (~> 1.6.11)
    highline (1.6.15)
    i18n (0.6.1)
    multi_json (1.3.6)

PLATFORMS
  ruby

DEPENDENCIES
  activesupport
  commander
